GEM
  remote: https://rubygems.org/
  specs:
    a2z (0.1.3)
      crack
      jeff (~> 0.6.4)
      money
    crack (0.4.2)
      safe_yaml (~> 1.0.0)
    excon (0.23.0)
    i18n (0.7.0.beta1)
    jeff (0.6.4)
      excon (~> 0.23.0)
    money (6.4.0)
      i18n (>= 0.6.4, <= 0.7.0.beta1)
    safe_yaml (1.0.4)

PLATFORMS
  ruby

DEPENDENCIES
  a2z
